GEM
  remote: https://rubygems.org/
  specs:
    mini_portile2 (2.5.0)
    nokogiri (1.11.1)
      mini_portile2 (~> 2.5.0)
      racc (~> 1.4)
    racc (1.5.2)
    rubyzip (2.3.0)
    sequel (5.39.0)
    sqlite3 (1.4.2)

PLATFORMS
  ruby

DEPENDENCIES
  nokogiri
  rubyzip (>= 1.0.0)
  sequel
  sqlite3

BUNDLED WITH
   2.0.2
